GEM
  remote: https://rubygems.org/
  specs:
    daemons (1.2.4)
    em-websocket (0.5.1)
      eventmachine (>= 0.12.9)
      http_parser.rb (~> 0.6.0)
    eventmachine (1.2.3)
    faye-websocket (0.10.7)
      eventmachine (>= 0.12.0)
      websocket-driver (>= 0.5.1)
    http_parser.rb (0.6.0)
    kgio (2.11.0)
    rack (2.0.3)
    rainbows (5.1.1)
      kgio (~> 2.5)
      rack (>= 1.1, < 3.0)
      unicorn (~> 5.1)
    raindrops (0.18.0)
    thin (1.7.0)
      daemons (~> 1.0, >= 1.0.9)
      eventmachine (~> 1.0, >= 1.0.4)
      rack (>= 1, < 3)
    unicorn (5.3.0)
      kgio (~> 2.6)
      raindrops (~> 0.7)
    websocket (1.2.4)
    websocket-driver (0.6.5)
      websocket-extensions (>= 0.1.0)
    websocket-eventmachine-base (1.2.0)
      eventmachine (~> 1.0)
      websocket (~> 1.0)
      websocket-native (~> 1.0)
    websocket-eventmachine-client (1.2.0)
      websocket-eventmachine-base (~> 1.0)
    websocket-extensions (0.1.2)
    websocket-native (1.0.0)

PLATFORMS
  ruby

DEPENDENCIES
  em-websocket
  faye-websocket
  rack
  rainbows
  thin
  websocket-eventmachine-client

BUNDLED WITH
   1.14.6
